PATH
  remote: .
  specs:
    s3log (0.0.5)
      aws-sdk
      thor

GEM
  remote: https://rubygems.org/
  specs:
    aws-sdk (2.9.2)
      aws-sdk-resources (= 2.9.2)
    aws-sdk-core (2.9.2)
      aws-sigv4 (~> 1.0)
      jmespath (~> 1.0)
    aws-sdk-resources (2.9.2)
      aws-sdk-core (= 2.9.2)
    aws-sigv4 (1.0.0)
    diff-lcs (1.3)
    jmespath (1.3.1)
    rake (12.0.0)
    rspec (3.5.0)
      rspec-core (~> 3.5.0)
      rspec-expectations (~> 3.5.0)
      rspec-mocks (~> 3.5.0)
    rspec-core (3.5.4)
      rspec-support (~> 3.5.0)
    rspec-expectations (3.5.0)
      diff-lcs (>= 1.2.0, < 2.0)
      rspec-support (~> 3.5.0)
    rspec-mocks (3.5.0)
      diff-lcs (>= 1.2.0, < 2.0)
      rspec-support (~> 3.5.0)
    rspec-support (3.5.0)
    thor (0.19.4)

PLATFORMS
  ruby

DEPENDENCIES
  bundler
  rake
  rspec
  s3log!

BUNDLED WITH
   1.14.3
